GEM
  remote: http://rubygems.org/
  specs:
    right_aws (3.1.0)
      right_http_connection (>= 1.2.5)
    right_http_connection (1.5.0)
    shoulda (2.11.3)
    trollop (2.0)

PLATFORMS
  ruby

DEPENDENCIES
  right_aws (= 3.1.0)
  shoulda
  trollop
