PATH
  remote: .
  specs:
    awsam (0.0.1)
      right_aws (= 3.1.0)
      trollop (= 2.0)

GEM
  remote: https://rubygems.org/
  specs:
    rake (10.4.2)
    right_aws (3.1.0)
      right_http_connection (>= 1.2.5)
    right_http_connection (1.5.0)
    trollop (2.0)

PLATFORMS
  ruby

DEPENDENCIES
  awsam!
  bundler (~> 1.7)
  rake (~> 10.0)
