GEM
  remote: http://rubygems.org/
  specs:
    rcov (0.9.9)
    right_aws (2.0.0)
      right_http_connection (>= 1.2.1)
    right_http_connection (1.2.4)
    shoulda (2.11.3)
    trollop (2.0)

PLATFORMS
  ruby

DEPENDENCIES
  rcov
  right_aws (= 2.0.0)
  shoulda
  trollop
